PATH
  remote: .
  specs:
    canvas_shim (0.0.0)
      aws-sdk-core
      aws-sdk-dynamodb (= 1.15.0)
      aws-sdk-s3
      aws-sdk-secretsmanager
      aws-sdk-sqs
      business
      chronic
      coffee-rails
      decorators
      groupdate
      httparty
      loofah (= 2.19.1)
      pandarus (= 0.7.0)
      pipeline_publisher_ruby
      sass-rails (= 5.0.7)
      uglifier

GEM
  remote: https://rubygems.org/
  specs:
    actioncable (5.0.7.2)
      actionpack (= 5.0.7.2)
      nio4r (>= 1.2, < 3.0)
      websocket-driver (~> 0.6.1)
    actionmailer (5.0.7.2)
      actionpack (= 5.0.7.2)
      actionview (= 5.0.7.2)
      activejob (= 5.0.7.2)
      mail (~> 2.5, >= 2.5.4)
      rails-dom-testing (~> 2.0)
    actionpack (5.0.7.2)
      actionview (= 5.0.7.2)
      activesupport (= 5.0.7.2)
      rack (~> 2.0)
      rack-test (~> 0.6.3)
      rails-dom-testing (~> 2.0)
      rails-html-sanitizer (~> 1.0, >= 1.0.2)
    actionview (5.0.7.2)
      activesupport (= 5.0.7.2)
      builder (~> 3.1)
      erubis (~> 2.7.0)
      rails-dom-testing (~> 2.0)
      rails-html-sanitizer (~> 1.0, >= 1.0.3)
    activejob (5.0.7.2)
      activesupport (= 5.0.7.2)
      globalid (>= 0.3.6)
    activemodel (5.0.7.2)
      activesupport (= 5.0.7.2)
    activerecord (5.0.7.2)
      activemodel (= 5.0.7.2)
      activesupport (= 5.0.7.2)
      arel (~> 7.0)
    activesupport (5.0.7.2)
      concurrent-ruby (~> 1.0, >= 1.0.2)
      i18n (>= 0.7, < 2)
      minitest (~> 5.1)
      tzinfo (~> 1.1)
    addressable (2.8.4)
      public_suffix (>= 2.0.2, < 6.0)
    arel (7.1.4)
    awesome_print (1.9.2)
    aws-eventstream (1.2.0)
    aws-partitions (1.586.0)
    aws-sdk-core (3.164.0)
      aws-eventstream (~> 1, >= 1.0.2)
      aws-partitions (~> 1, >= 1.525.0)
      aws-sigv4 (~> 1.1)
      jmespath (~> 1, >= 1.6.1)
    aws-sdk-dynamodb (1.15.0)
      aws-sdk-core (~> 3, >= 3.26.0)
      aws-sigv4 (~> 1.0)
    aws-sdk-kms (1.58.0)
      aws-sdk-core (~> 3, >= 3.127.0)
      aws-sigv4 (~> 1.1)
    aws-sdk-s3 (1.116.0)
      aws-sdk-core (~> 3, >= 3.127.0)
      aws-sdk-kms (~> 1)
      aws-sigv4 (~> 1.4)
    aws-sdk-secretsmanager (1.66.0)
      aws-sdk-core (~> 3, >= 3.127.0)
      aws-sigv4 (~> 1.1)
    aws-sdk-sqs (1.51.1)
      aws-sdk-core (~> 3, >= 3.127.0)
      aws-sigv4 (~> 1.1)
    aws-sigv4 (1.5.2)
      aws-eventstream (~> 1, >= 1.0.2)
    axiom-types (0.1.1)
      descendants_tracker (~> 0.0.4)
      ice_nine (~> 0.11.0)
      thread_safe (~> 0.3, >= 0.3.1)
    better_errors (2.10.1)
      erubi (>= 1.0.0)
      rack (>= 0.9.0)
      rouge (>= 1.0.0)
    binding_of_caller (0.8.0)
      debug_inspector (>= 0.0.1)
    builder (3.2.4)
    business (1.18.0)
    byebug (11.1.3)
    chronic (0.10.2)
    coderay (1.1.3)
    coercible (1.0.0)
      descendants_tracker (~> 0.0.1)
    coffee-rails (4.2.2)
      coffee-script (>= 2.2.0)
      railties (>= 4.0.0)
    coffee-script (2.4.1)
      coffee-script-source
      execjs
    coffee-script-source (1.12.2)
    concurrent-ruby (1.2.2)
    crack (0.4.5)
      rexml
    crass (1.0.6)
    debug_inspector (0.0.3)
    decorators (2.0.5)
      railties (>= 4.0.0, < 7)
    delayed_job (4.1.11)
      activesupport (>= 3.0, < 8.0)
    delayed_job_active_record (4.1.7)
      activerecord (>= 3.0, < 8.0)
      delayed_job (>= 3.0, < 5)
    descendants_tracker (0.0.4)
      thread_safe (~> 0.3, >= 0.3.1)
    diff-lcs (1.5.0)
    digest (3.1.1)
    dotenv (2.8.1)
    dotenv-rails (2.8.1)
      dotenv (= 2.8.1)
      railties (>= 3.2)
    equalizer (0.0.11)
    erubi (1.12.0)
    erubis (2.7.0)
    ethon (0.16.0)
      ffi (>= 1.15.0)
    execjs (2.8.1)
    factory_bot (4.11.1)
      activesupport (>= 3.0.0)
    factory_bot_rails (4.11.0)
      factory_bot (~> 4.11.0)
      railties (>= 3.0.0)
    faker (1.9.6)
      i18n (>= 0.7)
    faraday (0.17.6)
      multipart-post (>= 1.2, < 3)
    ffi (1.15.5)
    footrest (0.5.5)
      activesupport (>= 3.0.0)
      faraday (>= 0.9.0, < 1)
      link_header (>= 0.0.7)
    globalid (1.1.0)
      activesupport (>= 5.0)
    groupdate (4.3.0)
      activesupport (>= 5)
    hashdiff (0.4.0)
    httparty (0.21.0)
      mini_mime (>= 1.0.0)
      multi_xml (>= 0.5.2)
    i18n (0.8.6)
    ice_nine (0.11.2)
    inflecto (0.0.2)
    io-wait (0.3.0)
    jmespath (1.6.2)
    json (2.6.3)
    link_header (0.0.8)
    loofah (2.19.1)
      crass (~> 1.0.2)
      nokogiri (>= 1.5.9)
    mail (2.8.1)
      mini_mime (>= 0.1.1)
      net-imap
      net-pop
      net-smtp
    method_source (0.9.2)
    mime-types (3.4.1)
      mime-types-data (~> 3.2015)
    mime-types-data (3.2023.0218.1)
    mini_mime (1.1.2)
    mini_portile2 (2.8.2)
    minitest (5.15.0)
    multi_xml (0.6.0)
    multipart-post (2.3.0)
    net-imap (0.2.2)
      digest
      net-protocol
      strscan
    net-pop (0.1.2)
      net-protocol
    net-protocol (0.1.2)
      io-wait
      timeout
    net-smtp (0.3.0)
      digest
      net-protocol
      timeout
    nio4r (2.5.9)
    nokogiri (1.12.5-x86_64-darwin)
      racc (~> 1.4)
    pandarus (0.7.0)
      activesupport (~> 5.0)
      footrest (~> 0.5.0)
      inflecto (~> 0.0)
      virtus (~> 1.0)
    pg (1.5.3)
    pipeline_publisher_ruby (1.0.3)
      json (~> 2.1, >= 2.1.0)
      typhoeus (~> 1.0, >= 1.0.1)
    pry (0.12.2)
      coderay (~> 1.1.0)
      method_source (~> 0.9.0)
    pry-byebug (3.8.0)
      byebug (~> 11.0)
      pry (~> 0.10)
    pry-rails (0.3.9)
      pry (>= 0.10.4)
    public_suffix (3.1.1)
    racc (1.7.1)
    rack (2.2.7)
    rack-test (0.6.3)
      rack (>= 1.0)
    rails (5.0.7.2)
      actioncable (= 5.0.7.2)
      actionmailer (= 5.0.7.2)
      actionpack (= 5.0.7.2)
      actionview (= 5.0.7.2)
      activejob (= 5.0.7.2)
      activemodel (= 5.0.7.2)
      activerecord (= 5.0.7.2)
      activesupport (= 5.0.7.2)
      bundler (>= 1.3.0)
      railties (= 5.0.7.2)
      sprockets-rails (>= 2.0.0)
    rails-dom-testing (2.0.3)
      activesupport (>= 4.2.0)
      nokogiri (>= 1.6)
    rails-html-sanitizer (1.5.0)
      loofah (~> 2.19, >= 2.19.1)
    railties (5.0.7.2)
      actionpack (= 5.0.7.2)
      activesupport (= 5.0.7.2)
      method_source
      rake (>= 0.8.7)
      thor (>= 0.18.1, < 2.0)
    rake (12.3.3)
    rb-fsevent (0.11.2)
    rb-inotify (0.10.1)
      ffi (~> 1.0)
    rexml (3.2.5)
    rouge (3.30.0)
    rspec-core (3.9.3)
      rspec-support (~> 3.9.3)
    rspec-expectations (3.9.4)
      diff-lcs (>= 1.2.0, < 2.0)
      rspec-support (~> 3.9.0)
    rspec-mocks (3.9.1)
      diff-lcs (>= 1.2.0, < 2.0)
      rspec-support (~> 3.9.0)
    rspec-rails (3.9.1)
      actionpack (>= 3.0)
      activesupport (>= 3.0)
      railties (>= 3.0)
      rspec-core (~> 3.9.0)
      rspec-expectations (~> 3.9.0)
      rspec-mocks (~> 3.9.0)
      rspec-support (~> 3.9.0)
    rspec-support (3.9.4)
    safe_yaml (1.0.5)
    sanitize (2.1.0)
      nokogiri (>= 1.4.4)
    sass (3.7.4)
      sass-listen (~> 4.0.0)
    sass-listen (4.0.0)
      rb-fsevent (~> 0.9, >= 0.9.4)
      rb-inotify (~> 0.9, >= 0.9.7)
    sass-rails (5.0.7)
      railties (>= 4.0.0, < 6)
      sass (~> 3.1)
      sprockets (>= 2.8, < 4.0)
      sprockets-rails (>= 2.0, < 4.0)
      tilt (>= 1.1, < 3)
    sentry-rails (5.3.1)
      railties (>= 5.0)
      sentry-ruby-core (~> 5.3.1)
    sentry-ruby (5.3.1)
      concurrent-ruby (~> 1.0, >= 1.0.2)
      sentry-ruby-core (= 5.3.1)
    sentry-ruby-core (5.3.1)
      concurrent-ruby
    spring (3.1.1)
    sprockets (3.7.2)
      concurrent-ruby (~> 1.0)
      rack (> 1, < 3)
    sprockets-rails (3.2.2)
      actionpack (>= 4.0)
      activesupport (>= 4.0)
      sprockets (>= 3.0.0)
    strongmind-pipeline-publisher (1.0.6)
      json (~> 2.1, >= 2.1.0)
      typhoeus (~> 1.0, >= 1.0.1)
    strscan (3.0.6)
    thor (0.20.3)
    thread_safe (0.3.6)
    tilt (2.2.0)
    timecop (0.9.6)
    timeout (0.3.2)
    typhoeus (1.4.0)
      ethon (>= 0.9.0)
    tzinfo (1.2.11)
      thread_safe (~> 0.1)
    uglifier (4.2.0)
      execjs (>= 0.3.0, < 3)
    vcr (6.0.0)
    virtus (1.0.5)
      axiom-types (~> 0.1)
      coercible (~> 1.0)
      descendants_tracker (~> 0.0, >= 0.0.3)
      equalizer (~> 0.0, >= 0.0.9)
    webmock (3.18.1)
      addressable (>= 2.8.0)
      crack (>= 0.3.2)
      hashdiff (>= 0.4.0, < 2.0.0)
    websocket-driver (0.6.5)
      websocket-extensions (>= 0.1.0)
    websocket-extensions (0.1.5)

PLATFORMS
  x86_64-darwin-20

DEPENDENCIES
  actioncable (~> 5)
  actionmailer (~> 5)
  actionpack (~> 5)
  actionview (~> 5)
  activejob (~> 5)
  activemodel (~> 5)
  activerecord (~> 5)
  activesupport (~> 5)
  addressable (~> 2)
  arel (~> 7)
  awesome_print
  aws-eventstream (~> 1)
  aws-partitions (~> 1.586.0)
  aws-sdk-core (~> 3)
  aws-sdk-dynamodb (~> 1)
  aws-sdk-kms (~> 1)
  aws-sdk-s3 (~> 1)
  aws-sdk-secretsmanager (~> 1)
  aws-sdk-sqs (~> 1)
  aws-sigv4 (~> 1)
  axiom-types (~> 0)
  better_errors (~> 2)
  binding_of_caller (~> 0)
  builder (~> 3)
  bundler (~> 2)
  business (~> 1)
  byebug
  canvas_shim!
  chronic (~> 0.10)
  coderay (~> 1)
  coercible (~> 1)
  coffee-rails (~> 4)
  coffee-script (~> 2)
  coffee-script-source (~> 1)
  concurrent-ruby (~> 1)
  crack (~> 0)
  crass (~> 1)
  debug_inspector (~> 0)
  decorators (~> 2)
  delayed_job (~> 4)
  delayed_job_active_record (~> 4)
  descendants_tracker (~> 0)
  diff-lcs (~> 1)
  dotenv (~> 2)
  dotenv-rails
  equalizer (~> 0)
  erubi (~> 1)
  erubis (~> 2)
  ethon (~> 0)
  execjs (~> 2)
  factory_bot_rails (= 4.11.0)
  faker (~> 1)
  faraday (~> 0)
  ffi (~> 1)
  footrest (~> 0)
  globalid (~> 1)
  groupdate (~> 4)
  hashdiff (~> 0)
  httparty (~> 0)
  i18n (= 0.8.6)
  ice_nine (~> 0)
  inflecto (~> 0)
  jmespath (~> 1)
  json (~> 2)
  link_header (~> 0)
  loofah (~> 2)
  mail (~> 2)
  method_source (~> 0)
  mime-types (~> 3)
  mime-types-data (~> 3)
  mini_mime (~> 1)
  mini_portile2 (~> 2)
  minitest (~> 5)
  multi_xml (~> 0)
  multipart-post (~> 2)
  nio4r (~> 2)
  nokogiri (~> 1)
  pandarus (~> 0)
  pg (~> 1)
  pry (~> 0)
  pry-byebug
  pry-rails (~> 0)
  public_suffix (~> 3)
  rack (~> 2.2.6)
  rack-test (~> 0)
  rails (~> 5.0.7.2)
  rails-dom-testing (~> 2)
  rails-html-sanitizer (~> 1)
  railties (~> 5)
  rake (~> 12)
  rb-fsevent (~> 0)
  rspec-core (~> 3)
  rspec-expectations (~> 3)
  rspec-mocks (~> 3)
  rspec-rails (~> 3)
  rspec-support (~> 3)
  safe_yaml (= 1.0.5)
  sanitize (= 2.1.0)
  sass (~> 3)
  sass-listen (~> 4)
  sass-rails (~> 5)
  sentry-rails (= 5.3.1)
  sentry-ruby (= 5.3.1)
  spring
  sprockets (~> 3)
  sprockets-rails (~> 3)
  strongmind-pipeline-publisher (~> 1)
  thor (~> 0)
  thread_safe (~> 0)
  tilt (~> 2)
  timecop
  typhoeus (~> 1)
  tzinfo (~> 1)
  uglifier (~> 4)
  vcr
  virtus (~> 1)
  webmock
  websocket-driver (~> 0)
  websocket-extensions (~> 0)

BUNDLED WITH
   2.3.26
